GIT
  remote: git://github.com/capistrano/rbenv.git
  revision: c029e4128e4a8f25adda35795f5729bd4f62e51f
  specs:
    capistrano-rbenv (2.1.3)
      capistrano (~> 3.1)
      sshkit (~> 1.3)

GEM
  remote: https://rubygems.org/
  remote: https://rails-assets.org/
  specs:
    actionmailer (4.0.6)
      actionpack (= 4.0.6)
      mail (~> 2.5.4)
    actionpack (4.0.6)
      activesupport (= 4.0.6)
      builder (~> 3.1.0)
      erubis (~> 2.7.0)
      rack (~> 1.5.2)
      rack-test (~> 0.6.2)
    active_model_serializers (0.10.0)
      actionpack (>= 4.0)
      activemodel (>= 4.0)
      railties (>= 4.0)
    activemodel (4.0.6)
      activesupport (= 4.0.6)
      builder (~> 3.1.0)
    activerecord (4.0.6)
      activemodel (= 4.0.6)
      activerecord-deprecated_finders (~> 1.0.2)
      activesupport (= 4.0.6)
      arel (~> 4.0.0)
    activerecord-deprecated_finders (1.0.4)
    activesupport (4.0.6)
      i18n (~> 0.6, >= 0.6.9)
      minitest (~> 4.2)
      multi_json (~> 1.3)
      thread_safe (~> 0.1)
      tzinfo (~> 0.3.37)
    addressable (2.5.2)
      public_suffix (>= 2.0.2, < 4.0)
    airbrussh (1.3.0)
      sshkit (>= 1.6.1, != 1.7.0)
    arel (4.0.2)
    bcrypt (3.1.11)
    bcrypt-ruby (3.1.5)
      bcrypt (>= 3.1.3)
    binding_of_caller (0.7.3)
      debug_inspector (>= 0.0.1)
    bootstrap-sass (3.1.1.1)
      sass (~> 3.2)
    builder (3.1.4)
    byebug (9.1.0)
    capistrano (3.10.1)
      airbrussh (>= 1.0.0)
      i18n
      rake (>= 10.0.0)
      sshkit (>= 1.9.0)
    capistrano-bundler (1.1.4)
      capistrano (~> 3.1)
      sshkit (~> 1.2)
    capistrano-rails (1.1.8)
      capistrano (~> 3.1)
      capistrano-bundler (~> 1.1)
    capybara (2.16.1)
      addressable
      mini_mime (>= 0.1.3)
      nokogiri (>= 1.3.3)
      rack (>= 1.0.0)
      rack-test (>= 0.5.4)
      xpath (~> 2.0)
    coderay (1.1.2)
    coffee-rails (4.0.1)
      coffee-script (>= 2.2.0)
      railties (>= 4.0.0, < 5.0)
    coffee-script (2.4.1)
      coffee-script-source
      execjs
    coffee-script-source (1.12.2)
    colorize (0.8.1)
    concurrent-ruby (1.0.5)
    d3_rails (4.1.1)
      railties (>= 3.1.0)
    debug_inspector (0.0.3)
    erubis (2.7.0)
    execjs (2.7.0)
    faraday (0.12.2)
      multipart-post (>= 1.2, < 3)
    figaro (1.1.1)
      thor (~> 0.14)
    friendly_id (5.0.5)
      activerecord (>= 4.0.0)
    handlebars_assets (0.23.2)
      execjs (~> 2.0)
      sprockets (>= 2.0.0)
      tilt (>= 1.2)
    hashie (3.5.7)
    hike (1.2.3)
    i18n (0.9.1)
      concurrent-ruby (~> 1.0)
    jbuilder (1.5.3)
      activesupport (>= 3.0.0)
      multi_json (>= 1.2.0)
    jquery-rails (3.1.4)
      railties (>= 3.0, < 5.0)
      thor (>= 0.14, < 2.0)
    json (1.8.6)
    jwt (1.5.6)
    kaminari (0.17.0)
      actionpack (>= 3.0.0)
      activesupport (>= 3.0.0)
    konacha (3.7.0)
      actionpack (>= 3.1, < 5)
      capybara
      colorize
      railties (>= 3.1, < 5)
      sprockets (>= 2, < 4)
      tilt
    libv8 (3.16.14.19)
    mail (2.5.5)
      mime-types (~> 1.16)
      treetop (~> 1.4.8)
    method_source (0.9.0)
    mime-types (1.25.1)
    mini_mime (1.0.0)
    mini_portile2 (2.3.0)
    minitest (4.7.5)
    multi_json (1.12.2)
    multi_xml (0.6.0)
    multipart-post (2.0.0)
    net-scp (1.2.1)
      net-ssh (>= 2.6.5)
    net-ssh (4.2.0)
    nokogiri (1.8.1)
      mini_portile2 (~> 2.3.0)
    oauth2 (1.4.0)
      faraday (>= 0.8, < 0.13)
      jwt (~> 1.0)
      multi_json (~> 1.3)
      multi_xml (~> 0.5)
      rack (>= 1.2, < 3)
    omniauth (1.4.2)
      hashie (>= 1.2, < 4)
      rack (>= 1.0, < 3)
    omniauth-facebook (4.0.0)
      omniauth-oauth2 (~> 1.2)
    omniauth-oauth2 (1.5.0)
      oauth2 (~> 1.1)
      omniauth (~> 1.2)
    pg (0.21.0)
    polyglot (0.3.5)
    pry (0.11.3)
      coderay (~> 1.1.0)
      method_source (~> 0.9.0)
    pry-byebug (3.5.1)
      byebug (~> 9.1)
      pry (~> 0.10)
    public_suffix (3.0.1)
    rack (1.5.5)
    rack-test (0.6.3)
      rack (>= 1.0)
    rails (4.0.6)
      actionmailer (= 4.0.6)
      actionpack (= 4.0.6)
      activerecord (= 4.0.6)
      activesupport (= 4.0.6)
      bundler (>= 1.3.0, < 2.0)
      railties (= 4.0.6)
      sprockets-rails (~> 2.0)
    rails-assets-desandro-matches-selector (2.0.2)
    rails-assets-ev-emitter (1.1.1)
    rails-assets-fizzy-ui-utils (2.0.5)
      rails-assets-desandro-matches-selector (>= 2.0.0, < 3)
    rails-assets-infinite-scroll (3.0.2)
      rails-assets-ev-emitter (>= 1.1.0, < 2)
      rails-assets-fizzy-ui-utils (>= 2.0.5, < 3)
    rails_12factor (0.0.3)
      rails_serve_static_assets
      rails_stdout_logging
    rails_serve_static_assets (0.0.5)
    rails_stdout_logging (0.0.5)
    railties (4.0.6)
      actionpack (= 4.0.6)
      activesupport (= 4.0.6)
      rake (>= 0.8.7)
      thor (>= 0.18.1, < 2.0)
    rake (12.3.0)
    rdoc (4.3.0)
    ref (2.0.0)
    sass (3.2.19)
    sass-rails (4.0.5)
      railties (>= 4.0.0, < 5.0)
      sass (~> 3.2.2)
      sprockets (~> 2.8, < 3.0)
      sprockets-rails (~> 2.0)
    sdoc (0.4.2)
      json (~> 1.7, >= 1.7.7)
      rdoc (~> 4.0)
    simple_form (3.5.0)
      actionpack (> 4, < 5.2)
      activemodel (> 4, < 5.2)
    sprockets (2.12.4)
      hike (~> 1.2)
      multi_json (~> 1.0)
      rack (~> 1.0)
      tilt (~> 1.1, != 1.3.0)
    sprockets-rails (2.3.3)
      actionpack (>= 3.0)
      activesupport (>= 3.0)
      sprockets (>= 2.8, < 4.0)
    sqlite3 (1.3.13)
    sshkit (1.15.1)
      net-scp (>= 1.1.2)
      net-ssh (>= 2.8.0)
    therubyracer (0.12.3)
      libv8 (~> 3.16.14.15)
      ref
    thor (0.20.0)
    thread_safe (0.3.6)
    tilt (1.4.1)
    treetop (1.4.15)
      polyglot
      polyglot (>= 0.3.1)
    turbolinks (5.0.1)
      turbolinks-source (~> 5)
    turbolinks-source (5.0.3)
    tzinfo (0.3.53)
    uglifier (4.0.2)
      execjs (>= 0.3.0, < 3)
    xpath (2.1.0)
      nokogiri (~> 1.3)
    xray-rails (0.3.1)
      rails (>= 3.1.0)

PLATFORMS
  ruby

DEPENDENCIES
  active_model_serializers
  bcrypt-ruby (~> 3.1.2)
  binding_of_caller
  bootstrap-sass (~> 3.1.1)
  bundler (>= 1.7.0)
  capistrano
  capistrano-bundler (~> 1.1.2)
  capistrano-rails (~> 1.1.1)
  capistrano-rbenv!
  coffee-rails (~> 4.0.0)
  d3_rails
  figaro
  friendly_id (~> 5.0.1)
  handlebars_assets
  jbuilder (~> 1.2)
  jquery-rails
  kaminari
  konacha
  omniauth
  omniauth-facebook
  pg
  pry
  pry-byebug
  rails (= 4.0.6)
  rails-assets-infinite-scroll!
  rails_12factor
  sass-rails (~> 4.0.0)
  sdoc
  simple_form
  sqlite3
  therubyracer
  turbolinks
  uglifier (>= 1.3.0)
  xray-rails

BUNDLED WITH
   1.16.1
